PATH
  remote: .
  specs:
    jails (0.1.1)
      rack (~> 2.0)

GEM
  remote: https://rubygems.org/
  specs:
    minitest (5.11.3)
    rack (2.0.4)
    rake (10.5.0)

PLATFORMS
  ruby

DEPENDENCIES
  bundler (~> 1.16)
  jails!
  minitest (~> 5.0)
  rake (~> 10.0)

BUNDLED WITH
   1.16.1
